GIT
  remote: git://github.com/imomoisoft/rspec-nokogiri.git
  revision: a5c702641d31d1959f9050013b7c3f2c8da595ca
  specs:
    rspec-nokogiri (0.1.0)
      jeweler

GEM
  remote: https://rubygems.org/
  specs:
    diff-lcs (1.1.3)
    ffi (1.0.11)
    fuubar (1.1.0)
      rspec (~> 2.0)
      rspec-instafail (~> 0.2.0)
      ruby-progressbar (~> 1.0.0)
    git (1.2.5)
    guard (1.0.3)
      ffi (>= 0.5.0)
      thor (>= 0.14.6)
    guard-rspec (0.7.2)
      guard (>= 0.10.0)
    guard-spork (0.8.0)
      guard (>= 0.10.0)
      spork (>= 0.8.4)
    jeweler (1.8.4)
      bundler (~> 1.0)
      git (>= 1.2.5)
      rake
      rdoc
    json (1.7.5)
    nokogiri (1.5.2)
    rake (0.9.2.2)
    rdoc (3.12)
      json (~> 1.4)
    rspec (2.10.0)
      rspec-core (~> 2.10.0)
      rspec-expectations (~> 2.10.0)
      rspec-mocks (~> 2.10.0)
    rspec-core (2.10.0)
    rspec-expectations (2.10.0)
      diff-lcs (~> 1.1.3)
    rspec-instafail (0.2.4)
    rspec-mocks (2.10.1)
    ruby-progressbar (1.0.2)
    spork (0.9.1)
    thor (0.14.6)

PLATFORMS
  ruby

DEPENDENCIES
  fuubar
  guard-rspec
  guard-spork
  nokogiri
  rspec
  rspec-nokogiri!
  spork
